PATH
  remote: ../../web_push_ruby
  specs:
    web_push (0.1.0)

GEM
  remote: https://rubygems.org/
  specs:
    rack (1.6.4)
    rack-protection (1.5.3)
      rack
    sinatra (1.4.7)
      rack (~> 1.5)
      rack-protection (~> 1.4)
      tilt (>= 1.3, < 3)
    tilt (2.0.2)

PLATFORMS
  ruby

DEPENDENCIES
  sinatra
  web_push!

BUNDLED WITH
   1.11.2
